PATH
  remote: .
  specs:
    smstraderb (0.0.1)

GEM
  remote: http://rubygems.org/
  specs:
    artifice (0.5)
      rack-test
    rack (1.2.1)
    rack-test (0.5.6)
      rack (>= 1.0)
    rake (0.8.7)
    rspec (1.3.1)

PLATFORMS
  ruby

DEPENDENCIES
  artifice
  rack-test
  rake
  rspec (~> 1.3.0)
  smstraderb!
