PATH
  remote: .
  specs:
    smstraderb (0.1.0)

GEM
  remote: http://rubygems.org/
  specs:
    artifice (0.6)
      rack-test
    diff-lcs (1.1.2)
    rack (1.2.1)
    rack-test (0.5.6)
      rack (>= 1.0)
    rake (0.8.7)
    rspec (2.0.1)
      rspec-core (~> 2.0.1)
      rspec-expectations (~> 2.0.1)
      rspec-mocks (~> 2.0.1)
    rspec-core (2.0.1)
    rspec-expectations (2.0.1)
      diff-lcs (>= 1.1.2)
    rspec-mocks (2.0.1)
      rspec-core (~> 2.0.1)
      rspec-expectations (~> 2.0.1)

PLATFORMS
  ruby

DEPENDENCIES
  artifice
  rack-test
  rake
  rspec (~> 2.0.0)
  smstraderb!
